PATH
  remote: .
  specs:
    ibanomat (0.0.1)
      json
      rest-client

GEM
  remote: https://rubygems.org/
  specs:
    addressable (2.3.5)
    crack (0.4.1)
      safe_yaml (~> 0.9.0)
    diff-lcs (1.2.4)
    json (1.8.0)
    mime-types (1.24)
    rake (10.1.0)
    rest-client (1.6.7)
      mime-types (>= 1.16)
    rspec (2.14.1)
      rspec-core (~> 2.14.0)
      rspec-expectations (~> 2.14.0)
      rspec-mocks (~> 2.14.0)
    rspec-core (2.14.5)
    rspec-expectations (2.14.2)
      diff-lcs (>= 1.1.3, < 2.0)
    rspec-mocks (2.14.3)
    safe_yaml (0.9.5)
    webmock (1.13.0)
      addressable (>= 2.2.7)
      crack (>= 0.3.2)

PLATFORMS
  ruby

DEPENDENCIES
  bundler (~> 1.3)
  ibanomat!
  rake
  rspec (~> 2.14)
  webmock
